GEM
  remote: https://rubygems.org/
  specs:
    childprocess (0.5.9)
      ffi (~> 1.0, >= 1.0.11)
    commonwatir (4.0.0)
    connection_pool (2.2.0)
    ffi (1.9.10)
    multi_json (1.11.2)
    rubyzip (1.1.7)
    selenium-webdriver (2.48.1)
      childprocess (~> 0.5)
      multi_json (~> 1.0)
      rubyzip (~> 1.0)
      websocket (~> 1.0)
    thor (0.19.1)
    thread (0.2.2)
    watir (5.0.0)
      commonwatir (~> 4)
      watir-webdriver
    watir-webdriver (0.9.1)
      selenium-webdriver (>= 2.46.2)
    websocket (1.2.2)

PLATFORMS
  ruby

DEPENDENCIES
  connection_pool (~> 2.2.0)
  selenium-webdriver (~> 2.48, >= 2.48.1)
  thor (~> 0.19.1)
  thread (~> 0.2.2)
  watir (~> 5.0.0)
  watir-webdriver (~> 0.9.1)

BUNDLED WITH
   1.11.0
